GEM
  specs:
    glu (8.2.2-x64-mingw32)
    glut (8.2.2-x64-mingw32)
    opengl (0.9.2-x64-mingw32)

PLATFORMS
  x64-mingw32

DEPENDENCIES
  glu
  glut
  opengl

BUNDLED WITH
   1.13.3
